GEM
  remote: https://rubygems.org/
  specs:
    concurrent-ruby (1.2.2)
    dotenv (2.8.1)
    dry-configurable (0.15.0)
      concurrent-ruby (~> 1.0)
      dry-core (~> 0.6)
    dry-core (0.9.1)
      concurrent-ruby (~> 1.0)
      zeitwerk (~> 2.6)
    erubi (1.12.0)
    ffi (1.15.5)
    forme (2.4.0)
    listen (3.8.0)
      rb-fsevent (~> 0.10, >= 0.10.3)
      rb-inotify (~> 0.9, >= 0.9.10)
    nio4r (2.5.9)
    pg (1.5.3)
    puma (6.3.1)
      nio4r (~> 2.0)
    rack (3.0.8)
    rackup (2.1.0)
      rack (>= 3)
      webrick (~> 1.8)
    rb-fsevent (0.11.2)
    rb-inotify (0.10.1)
      ffi (~> 1.0)
    roda (3.71.0)
      rack
    roda-turbo (1.0.0)
      roda (~> 3.50)
    sequel (5.71.0)
    sequel_tools (0.1.14)
      sequel
    tilt (2.2.0)
    webrick (1.8.1)
    zeitwerk (2.6.11)

PLATFORMS
  arm64-darwin-22
  x86_64-linux

DEPENDENCIES
  concurrent-ruby (~> 1.2)
  dotenv (~> 2.8)
  dry-configurable (~> 0.15.0)
  erubi (~> 1.12)
  forme (~> 2.4)
  listen (~> 3.8)
  pg (~> 1.5)
  puma (~> 6.3)
  rackup (~> 2.1)
  roda (~> 3.71)
  roda-turbo (~> 1.0)
  sequel (~> 5.71)
  sequel_tools (~> 0.1.14)
  tilt (~> 2.2)
  zeitwerk (~> 2.6)

BUNDLED WITH
   2.4.10
