GEM
  remote: https://rubygems.org/
  specs:
    activemodel (7.0.7.2)
      activesupport (= 7.0.7.2)
    activesupport (7.0.7.2)
      concurrent-ruby (~> 1.0, >= 1.0.2)
      i18n (>= 1.6, < 2)
      minitest (>= 5.1)
      tzinfo (~> 2.0)
    addressable (2.8.5)
      public_suffix (>= 2.0.2, < 6.0)
    amazing_print (1.5.0)
    bridgetown (1.3.0)
      bridgetown-builder (= 1.3.0)
      bridgetown-core (= 1.3.0)
      bridgetown-paginate (= 1.3.0)
    bridgetown-builder (1.3.0)
      bridgetown-core (= 1.3.0)
    bridgetown-core (1.3.0)
      activemodel (>= 6.0, < 8.0)
      activesupport (>= 6.0, < 8.0)
      addressable (~> 2.4)
      amazing_print (~> 1.2)
      colorator (~> 1.0)
      erubi (~> 1.9)
      faraday (~> 2.0)
      faraday-follow_redirects (~> 0.3)
      hash_with_dot_access (~> 1.2)
      i18n (~> 1.0)
      kramdown (~> 2.1)
      kramdown-parser-gfm (~> 1.0)
      liquid (~> 5.0)
      listen (~> 3.0)
      rake (>= 13.0)
      roda (~> 3.46)
      rouge (~> 3.0)
      serbea (~> 1.0)
      thor (~> 1.1)
      tilt (~> 2.0)
      zeitwerk (~> 2.5)
    bridgetown-paginate (1.3.0)
      bridgetown-core (= 1.3.0)
    colorator (1.1.0)
    concurrent-ruby (1.2.2)
    erubi (1.12.0)
    faraday (2.7.10)
      faraday-net_http (>= 2.0, < 3.1)
      ruby2_keywords (>= 0.0.4)
    faraday-follow_redirects (0.3.0)
      faraday (>= 1, < 3)
    faraday-net_http (3.0.2)
    ffi (1.15.5)
    hash_with_dot_access (1.2.0)
      activesupport (>= 5.0.0, < 8.0)
    i18n (1.14.1)
      concurrent-ruby (~> 1.0)
    kramdown (2.4.0)
      rexml
    kramdown-parser-gfm (1.1.0)
      kramdown (~> 2.0)
    liquid (5.4.0)
    listen (3.8.0)
      rb-fsevent (~> 0.10, >= 0.10.3)
      rb-inotify (~> 0.9, >= 0.9.10)
    minitest (5.19.0)
    nio4r (2.5.9)
    public_suffix (5.0.3)
    puma (6.3.1)
      nio4r (~> 2.0)
    rack (3.0.8)
    rake (13.0.6)
    rb-fsevent (0.11.2)
    rb-inotify (0.10.1)
      ffi (~> 1.0)
    rexml (3.2.6)
    roda (3.71.0)
      rack
    rouge (3.30.0)
    ruby2_keywords (0.0.5)
    serbea (1.0.1)
      activesupport (>= 6.0)
      erubi (>= 1.10)
      tilt (~> 2.0)
    thor (1.2.2)
    tilt (2.2.0)
    tzinfo (2.0.6)
      concurrent-ruby (~> 1.0)
    zeitwerk (2.6.11)

PLATFORMS
  arm64-darwin-22

DEPENDENCIES
  bridgetown (~> 1.3.0)
  puma (< 7)

BUNDLED WITH
   2.4.10
