GEM
  remote: https://rubygems.org/
  specs:
    debug (1.8.0)
      irb (>= 1.5.0)
      reline (>= 0.3.1)
    dotenv (2.8.1)
    erubi (1.12.0)
    forme (2.4.0)
    io-console (0.6.0)
    irb (1.7.4)
      reline (>= 0.3.6)
    nio4r (2.5.9)
    pastel (0.8.0)
      tty-color (~> 0.5)
    pg (1.5.3)
    puma (6.3.1)
      nio4r (~> 2.0)
    rack (3.0.8)
    rackup (2.1.0)
      rack (>= 3)
      webrick (~> 1.8)
    reline (0.3.8)
      io-console (~> 0.5)
    roda (3.71.0)
      rack
    roda-enhanced_logger (0.5.0)
      roda (>= 3.19.0)
      tty-logger (>= 0.3, < 1.0)
    roda-turbo (1.0.0)
      roda (~> 3.50)
    sequel (5.71.0)
    tilt (2.2.0)
    tty-color (0.6.0)
    tty-logger (0.6.0)
      pastel (~> 0.8)
    webrick (1.8.1)
    zeitwerk (2.6.11)

PLATFORMS
  arm64-darwin-22
  x86_64-linux

DEPENDENCIES
  debug (~> 1.8)
  dotenv (~> 2.8)
  erubi (~> 1.12)
  forme (~> 2.4)
  pg (~> 1.5)
  puma (~> 6.3)
  rackup (~> 2.1)
  roda (~> 3.71)
  roda-enhanced_logger (~> 0.5.0)
  roda-turbo (~> 1.0)
  sequel (~> 5.71)
  tilt (~> 2.2)
  zeitwerk (~> 2.6)

BUNDLED WITH
   2.4.10
